GEM
  remote: https://rubygems.org/
  specs:
    byebug (8.2.1)
    git (1.2.9.1)
    minitest (5.8.3)
    sqlite3 (1.3.11)

PLATFORMS
  ruby

DEPENDENCIES
  byebug
  git
  minitest
  sqlite3

BUNDLED WITH
   1.10.6
