GEM
  remote: https://rubygems.org/
  specs:
    minitest (5.8.3)
    sqlite3 (1.3.11)

PLATFORMS
  ruby

DEPENDENCIES
  minitest
  sqlite3

BUNDLED WITH
   1.10.6
